NUGET
  remote: https://www.nuget.org/api/v2
  specs:
    FAKE (4.25.5)
    FAKE.Lib (4.25.5)
    FSharp.Data (2.3)
      Zlib.Portable (>= 1.11) - framework: portable-net45+sl5+win8, portable-net45+win8, portable-net45+win8+wp8+wpa81
    FSharp.Formatting.CommandTool (2.14.2)
    NuGet.CommandLine (3.4.3)
    Zlib.Portable (1.11) - framework: portable-net45+sl5+win8, portable-net45+win8, portable-net45+win8+wp8+wpa81
GITHUB
  remote: dolly22/FAKE.GItsemver
  specs:
    Gitsemver.fsx (522b78127defee9fe16e4e8142295586e9aa71ee)
      FAKE.Lib