NUGET
  remote: https://www.nuget.org/api/v2
  specs:
    FAKE (4.20.0)
    FAKE.Lib (4.20.0)
    FSharp.Data (2.2.5)
      Zlib.Portable (>= 1.10.0) - framework: portable-net40+sl50+wp80+win80
    FSharp.Formatting.CommandTool (2.14.0)
    NuGet.CommandLine (3.3.0)
    Zlib.Portable (1.11.0) - framework: portable-net40+sl50+wp80+win80
